PATH
  remote: .
  specs:
    polite_text (0.1.1)

GEM
  remote: https://rubygems.org/
  specs:
    concurrent-ruby (1.1.7)
    diff-lcs (1.4.4)
    docile (1.3.2)
    faker (2.14.0)
      i18n (>= 1.6, < 2)
    i18n (1.8.5)
      concurrent-ruby (~> 1.0)
    rake (13.0.1)
    rspec (3.10.0)
      rspec-core (~> 3.10.0)
      rspec-expectations (~> 3.10.0)
      rspec-mocks (~> 3.10.0)
    rspec-core (3.10.0)
      rspec-support (~> 3.10.0)
    rspec-expectations (3.10.0)
      diff-lcs (>= 1.2.0, < 2.0)
      rspec-support (~> 3.10.0)
    rspec-mocks (3.10.0)
      diff-lcs (>= 1.2.0, < 2.0)
      rspec-support (~> 3.10.0)
    rspec-support (3.10.0)
    simplecov (0.19.1)
      docile (~> 1.1)
      simplecov-html (~> 0.11)
    simplecov-html (0.12.3)

PLATFORMS
  ruby

DEPENDENCIES
  faker (~> 2.14)
  polite_text!
  rake (~> 13.0, >= 13.0.1)
  rspec (~> 3.10)
  simplecov (~> 0.19.1)

BUNDLED WITH
   2.1.4
